GEM
  remote: https://rubygems.org/
  specs:
    diff-lcs (1.3)
    rpg-maker-rgss3 (1.02.0)
    rspec (3.8.0)
      rspec-core (~> 3.8.0)
      rspec-expectations (~> 3.8.0)
      rspec-mocks (~> 3.8.0)
    rspec-core (3.8.0)
      rspec-support (~> 3.8.0)
    rspec-expectations (3.8.1)
      diff-lcs (>= 1.2.0, < 2.0)
      rspec-support (~> 3.8.0)
    rspec-mocks (3.8.0)
      diff-lcs (>= 1.2.0, < 2.0)
      rspec-support (~> 3.8.0)
    rspec-support (3.8.0)

PLATFORMS
  x64-mingw32

DEPENDENCIES
  rpg-maker-rgss3
  rspec

BUNDLED WITH
   1.16.1
